PATH
  remote: .
  specs:
    read_excel (0.1.0)

GEM
  remote: https://rubygems.org/
  specs:
    mini_portile2 (2.4.0)
    minitest (5.14.2)
    nokogiri (1.10.10)
      mini_portile2 (~> 2.4.0)
    rake (12.3.3)
    ruby-ole (1.2.12.2)
    rubyXL (3.4.15)
      nokogiri (>= 1.10.8)
      rubyzip (>= 1.3.0)
    rubyzip (2.3.0)
    spreadsheet (1.2.6)
      ruby-ole (>= 1.0)

PLATFORMS
  ruby

DEPENDENCIES
  minitest (~> 5.0)
  rake (~> 12.0)
  read_excel!
  rubyXL
  spreadsheet

BUNDLED WITH
   2.1.4
